GEM
  remote: https://rubygems.org/
  specs:
    barby (0.6.5)
    chunky_png (1.3.8)
    rack (1.6.5)
    rack-protection (1.5.3)
      rack
    rqrcode (0.4.2)
    sinatra (1.4.8)
      rack (~> 1.5)
      rack-protection (~> 1.4)
      tilt (>= 1.3, < 3)
    tilt (2.0.6)

PLATFORMS
  ruby

DEPENDENCIES
  barby
  chunky_png
  rqrcode
  sinatra

BUNDLED WITH
   1.13.6
